GEM
  remote: https://rubygems.org/
  specs:
    byebug (9.0.6)
    chunky_png (1.3.8)
    oily_png (1.2.1)
      chunky_png (~> 1.3.7)

PLATFORMS
  ruby

DEPENDENCIES
  bundler
  byebug
  chunky_png
  oily_png

RUBY VERSION
   ruby 2.3.4p301

BUNDLED WITH
   1.15.2
